PATH
  remote: .
  specs:
    hq-log-monitor-server (0.9.0)
      bson_ext (>= 1.8.5)
      hq-tools (>= 0.8.1)
      libxml-ruby (>= 2.6.0)
      mongo (>= 1.8.5)
      multi_json (>= 1.7.2)
      rack (>= 1.5.1)

GEM
  remote: https://rubygems.org/
  specs:
    bson (1.8.6)
    bson_ext (1.8.6)
      bson (~> 1.8.6)
    builder (3.2.0)
    capybara (2.1.0)
      mime-types (>= 1.16)
      nokogiri (>= 1.3.3)
      rack (>= 1.0.0)
      rack-test (>= 0.5.4)
      xpath (~> 2.0)
    cucumber (1.3.2)
      builder (>= 2.1.2)
      diff-lcs (>= 1.1.3)
      gherkin (~> 2.12.0)
      multi_json (~> 1.3)
    diff-lcs (1.2.4)
    gherkin (2.12.0)
      multi_json (~> 1.3)
    hq-dev (0.0.18)
    hq-tools (0.8.1)
    json (1.8.0)
    libxml-ruby (2.6.0)
    mime-types (1.23)
    mongo (1.8.6)
      bson (~> 1.8.6)
    multi_json (1.7.3)
    nokogiri (1.5.9)
    rack (1.5.2)
    rack-test (0.6.2)
      rack (>= 1.0)
    rake (10.0.4)
    rspec (2.13.0)
      rspec-core (~> 2.13.0)
      rspec-expectations (~> 2.13.0)
      rspec-mocks (~> 2.13.0)
    rspec-core (2.13.1)
    rspec-expectations (2.13.0)
      diff-lcs (>= 1.1.3, < 2.0)
    rspec-mocks (2.13.1)
    rspec_junit_formatter (0.1.6)
      builder
      rspec (~> 2.0)
      rspec-core (!= 2.12.0)
    simplecov (0.7.1)
      multi_json (~> 1.0)
      simplecov-html (~> 0.7.1)
    simplecov-html (0.7.1)
    xpath (2.0.0)
      nokogiri (~> 1.3)

PLATFORMS
  ruby

DEPENDENCIES
  capybara (>= 2.0.2)
  cucumber (>= 1.3.1)
  hq-dev (>= 0.0.18)
  hq-log-monitor-server!
  json (>= 1.7.7)
  rake (>= 10.0.4)
  rspec (>= 2.13.0)
  rspec_junit_formatter (>= 0.1.6)
  simplecov (>= 0.7.1)
